GEM
  remote: https://rubygems.org/
  specs:
    mini_exiftool (2.4.2)

PLATFORMS
  ruby

DEPENDENCIES
  mini_exiftool
